PATH
  remote: .
  specs:
    thumbor_rails (0.0.0)
      ruby-thumbor (>= 1.2.1)

GEM
  remote: https://rubygems.org/
  specs:
    diff-lcs (1.2.5)
    rake (10.3.2)
    rb-fsevent (0.9.4)
    rspec (2.14.1)
      rspec-core (~> 2.14.0)
      rspec-expectations (~> 2.14.0)
      rspec-mocks (~> 2.14.0)
    rspec-core (2.14.8)
    rspec-expectations (2.14.5)
      diff-lcs (>= 1.1.3, < 2.0)
    rspec-mocks (2.14.6)
    ruby-thumbor (1.2.1)

PLATFORMS
  ruby

DEPENDENCIES
  rake
  rb-fsevent (~> 0.9.1)
  rspec
  thumbor_rails!
